GEM
  remote: https://rubygems.org/
  specs:
    addressable (2.8.7)
      public_suffix (>= 2.0.2, < 7.0)
    base64 (0.3.0)
    bigdecimal (3.2.2)
    crack (1.0.0)
      bigdecimal
      rexml
    hashdiff (1.2.0)
    http.rb (0.13.3)
    minitest (5.25.5)
    minitest-spec-context (0.0.5)
    public_suffix (6.0.2)
    rake (13.3.0)
    rexml (3.4.1)
    vcr (6.3.1)
      base64
    webmock (3.25.1)
      addressable (>= 2.8.0)
      crack (>= 0.3.2)
      hashdiff (>= 0.4.0, < 2.0.0)

PLATFORMS
  arm64-darwin-24
  ruby

DEPENDENCIES
  http.rb
  minitest
  minitest-spec-context
  rake
  vcr
  webmock

BUNDLED WITH
   2.6.9
